GEM
  remote: https://rubygems.org/
  specs:
    dotenv (1.0.2)
    encrypted_cookie (0.0.4)
    faraday (0.9.2)
      multipart-post (>= 1.2, < 3)
    json (1.8.2)
    jwt (1.5.6)
    mime-types (2.4.3)
    multi_json (1.12.1)
    multi_xml (0.5.5)
    multipart-post (2.0.0)
    netrc (0.10.3)
    oauth2 (1.2.0)
      faraday (>= 0.8, < 0.10)
      jwt (~> 1.0)
      multi_json (~> 1.3)
      multi_xml (~> 0.5)
      rack (>= 1.2, < 3)
    rack (1.5.2)
    rack-protection (1.5.3)
      rack
    rest-client (1.7.3)
      mime-types (>= 1.16, < 3.0)
      netrc (~> 0.7)
    sinatra (1.4.5)
      rack (~> 1.4)
      rack-protection (~> 1.4)
      tilt (~> 1.3, >= 1.3.4)
    stripe (1.20.0)
      json (~> 1.8.1)
      mime-types (>= 1.25, < 3.0)
      rest-client (~> 1.4)
    tilt (1.4.1)

PLATFORMS
  ruby

DEPENDENCIES
  dotenv (= 1.0.2)
  encrypted_cookie (= 0.0.4)
  json (= 1.8.2)
  oauth2
  sinatra (= 1.4.5)
  stripe (= 1.20.0)

RUBY VERSION
   ruby 2.1.8p440

BUNDLED WITH
   1.13.5
